GEM
  remote: https://rubygems.org/
  specs:
    aws-sdk (2.8.14)
      aws-sdk-resources (= 2.8.14)
    aws-sdk-core (2.8.14)
      aws-sigv4 (~> 1.0)
      jmespath (~> 1.0)
    aws-sdk-resources (2.8.14)
      aws-sdk-core (= 2.8.14)
    aws-sigv4 (1.0.0)
    azure-core (0.1.7)
      faraday (~> 0.9)
      faraday_middleware (~> 0.10)
      nokogiri (~> 1.6)
    azure-storage (0.12.0.preview)
      azure-core (~> 0.1)
      faraday (~> 0.9)
      faraday_middleware (~> 0.10)
      nokogiri (~> 1.6.0)
    faraday (0.11.0)
      multipart-post (>= 1.2, < 3)
    faraday_middleware (0.11.0.1)
      faraday (>= 0.7.4, < 1.0)
    jmespath (1.3.1)
    mini_portile2 (2.1.0)
    multipart-post (2.0.0)
    nokogiri (1.6.8.1)
      mini_portile2 (~> 2.1.0)
    sequel (4.44.0)
    sqlite3 (1.3.13)

PLATFORMS
  ruby

DEPENDENCIES
  aws-sdk
  azure-storage
  sequel
  sqlite3

BUNDLED WITH
   1.14.6
